PATH
  remote: .
  specs:
    looprun (0.1.0)

GEM
  remote: http://rubygems.org/
  specs:
    shoulda (2.10.3)

PLATFORMS
  ruby

DEPENDENCIES
  looprun!
  shoulda (= 2.10.3)
